GEM
  remote: http://rubygems.org/
  specs:
    activesupport (3.2.8)
      i18n (~> 0.6)
      multi_json (~> 1.0)
    highline (1.6.15)
    httpclient (2.3.2)
    i18n (0.6.0)
    multi_json (1.0.4)
    rally_api (0.9.1)
      httpclient (>= 2.2.4)
    time_diff (0.3.0)
      activesupport
      i18n

PLATFORMS
  ruby

DEPENDENCIES
  highline
  rally_api
  time_diff
