GEM
  remote: http://rubygems.org/
  specs:
    activesupport (3.2.8)
      i18n (~> 0.6)
      multi_json (~> 1.0)
    diff-lcs (1.1.3)
    highline (1.6.15)
    httpclient (2.3.2)
    i18n (0.6.0)
    multi_json (1.0.4)
    rally_api (0.9.1)
      httpclient (>= 2.2.4)
    rspec (2.11.0)
      rspec-core (~> 2.11.0)
      rspec-expectations (~> 2.11.0)
      rspec-mocks (~> 2.11.0)
    rspec-core (2.11.1)
    rspec-expectations (2.11.3)
      diff-lcs (~> 1.1.3)
    rspec-mocks (2.11.3)
    time_diff (0.3.0)
      activesupport
      i18n

PLATFORMS
  ruby

DEPENDENCIES
  highline
  rally_api
  rspec
  time_diff
